GEM
  remote: https://rubygems.org/
  specs:
    diff-lcs (1.2.5)
    extlib (0.9.16)
    highline (1.7.8)
    rack (1.6.4)
    rack-protection (1.5.3)
      rack
    rspec (3.5.0)
      rspec-core (~> 3.5.0)
      rspec-expectations (~> 3.5.0)
      rspec-mocks (~> 3.5.0)
    rspec-core (3.5.2)
      rspec-support (~> 3.5.0)
    rspec-expectations (3.5.0)
      diff-lcs (>= 1.2.0, < 2.0)
      rspec-support (~> 3.5.0)
    rspec-mocks (3.5.0)
      diff-lcs (>= 1.2.0, < 2.0)
      rspec-support (~> 3.5.0)
    rspec-sinatra (0.1.2)
      templater (>= 1.0.0)
    rspec-support (3.5.0)
    shotgun (0.9.1)
      rack (>= 1.0)
    sinatra (1.4.7)
      rack (~> 1.5)
      rack-protection (~> 1.4)
      tilt (>= 1.3, < 3)
    sinatra-flash (0.3.0)
      sinatra (>= 1.0.0)
    templater (1.0.0)
      diff-lcs (>= 1.1.2)
      extlib (>= 0.9.5)
      highline (>= 1.4.0)
    tilt (2.0.5)

PLATFORMS
  ruby

DEPENDENCIES
  rspec
  rspec-sinatra
  shotgun
  sinatra
  sinatra-flash

RUBY VERSION
   ruby 2.3.1p112

BUNDLED WITH
   1.13.6
